GEM
  remote: https://rubygems.org/
  specs:
    colorize (0.8.1)
    concurrent-ruby (1.1.10)
    concurrent-ruby-edge (0.6.0)
      concurrent-ruby (~> 1.1.6)
    date (3.3.4)
    ethon (0.15.0)
      ffi (>= 1.15.0)
    ffi (1.15.5)
    json (2.6.3)
    mini_portile2 (2.8.2)
    nokogiri (1.13.8)
      mini_portile2 (~> 2.8.0)
      racc (~> 1.4)
    open-uri (0.4.1)
      stringio
      time
      uri
    racc (1.6.0)
    set (1.0.3)
    sitemap-parser (0.5.6)
      nokogiri (~> 1.6)
      typhoeus (>= 0.6, < 2.0)
    stringio (3.1.0)
    thor (1.2.1)
    time (0.3.0)
      date
    typhoeus (1.4.0)
      ethon (>= 0.9.0)
    uri (0.13.0)

PLATFORMS
  arm64-darwin-22
  arm64-darwin-23
  x86_64-darwin-21

DEPENDENCIES
  colorize
  concurrent-ruby-edge
  json
  nokogiri
  open-uri (>= 0.4.0)
  set
  sitemap-parser
  thor

BUNDLED WITH
   2.3.22
