GEM
  remote: https://rubygems.org/
  specs:
    colorize (1.1.0)
    concurrent-ruby (1.3.4)
    concurrent-ruby-edge (0.7.1)
      concurrent-ruby (~> 1.3)
    date (3.3.4)
    ethon (0.16.0)
      ffi (>= 1.15.0)
    ffi (1.17.0-arm64-darwin)
    ffi (1.17.0-x86_64-darwin)
    json (2.7.2)
    nokogiri (1.16.7-arm64-darwin)
      racc (~> 1.4)
    nokogiri (1.16.7-x86_64-darwin)
      racc (~> 1.4)
    open-uri (0.4.1)
      stringio
      time
      uri
    racc (1.8.1)
    set (1.1.0)
    sitemap-parser (0.5.6)
      nokogiri (~> 1.6)
      typhoeus (>= 0.6, < 2.0)
    stringio (3.1.1)
    thor (1.3.2)
    time (0.4.0)
      date
    typhoeus (1.4.1)
      ethon (>= 0.9.0)
    uri (0.13.1)

PLATFORMS
  arm64-darwin-22
  arm64-darwin-23
  x86_64-darwin-21

DEPENDENCIES
  colorize
  concurrent-ruby-edge
  json
  nokogiri
  open-uri (>= 0.4.0)
  set
  sitemap-parser
  thor

BUNDLED WITH
   2.3.22
