GEM
  remote: https://rubygems.org/
  specs:
    colorize (1.1.0)
    concurrent-ruby (1.3.5)
    concurrent-ruby-edge (0.7.2)
      concurrent-ruby (~> 1.3)
    csv (3.3.2)
    date (3.4.1)
    diff-lcs (1.6.0)
    ethon (0.16.0)
      ffi (>= 1.15.0)
    ffi (1.17.1-arm64-darwin)
    ffi (1.17.1-x86_64-darwin)
    ffi (1.17.1-x86_64-linux-gnu)
    json (2.10.1)
    logger (1.6.6)
    nokogiri (1.18.2-arm64-darwin)
      racc (~> 1.4)
    nokogiri (1.18.2-x86_64-darwin)
      racc (~> 1.4)
    nokogiri (1.18.2-x86_64-linux-gnu)
      racc (~> 1.4)
    open-uri (0.5.0)
      stringio
      time
      uri
    racc (1.8.1)
    rspec (3.13.0)
      rspec-core (~> 3.13.0)
      rspec-expectations (~> 3.13.0)
      rspec-mocks (~> 3.13.0)
    rspec-core (3.13.3)
      rspec-support (~> 3.13.0)
    rspec-expectations (3.13.3)
      diff-lcs (>= 1.2.0, < 2.0)
      rspec-support (~> 3.13.0)
    rspec-mocks (3.13.2)
      diff-lcs (>= 1.2.0, < 2.0)
      rspec-support (~> 3.13.0)
    rspec-support (3.13.2)
    set (1.1.1)
    sitemap-parser (0.5.6)
      nokogiri (~> 1.6)
      typhoeus (>= 0.6, < 2.0)
    stringio (3.1.3)
    thor (1.3.2)
    time (0.4.1)
      date
    typhoeus (1.4.1)
      ethon (>= 0.9.0)
    uri (1.0.2)
    yaml (0.4.0)

PLATFORMS
  arm64-darwin-22
  arm64-darwin-23
  arm64-darwin-24
  x86_64-darwin-21
  x86_64-linux

DEPENDENCIES
  colorize
  concurrent-ruby-edge
  csv
  json
  logger
  nokogiri
  open-uri (>= 0.4.0)
  rspec
  set
  sitemap-parser
  thor
  yaml

BUNDLED WITH
   2.5.16
